GEM
  remote: http://rubygems.org/
  specs:
    activemodel (3.1.0)
      activesupport (= 3.1.0)
      bcrypt-ruby (~> 3.0.0)
      builder (~> 3.0.0)
      i18n (~> 0.6)
    activesupport (3.1.0)
      multi_json (~> 1.0)
    anemone (0.6.1)
      nokogiri (>= 1.3.0)
      robots (>= 0.7.2)
    awesome_print (0.4.0)
    backports (2.3.0)
    bcrypt-ruby (3.0.0)
    bson (1.3.1)
    bson_ext (1.3.1)
    builder (3.0.0)
    coderay (0.9.8)
    daemons (1.1.4)
    eventmachine (0.12.10)
    i18n (0.6.0)
    interactive_editor (0.0.8)
      spoon (>= 0.0.1)
    method_source (0.6.0)
      ruby_parser (>= 2.0.5)
    mongo (1.3.1)
      bson (>= 1.3.1)
    mongoid (2.2.0)
      activemodel (~> 3.0)
      mongo (~> 1.3)
      tzinfo (~> 0.3.22)
    monkey-lib (0.5.4)
      backports
    multi_json (1.0.3)
    nokogiri (1.5.0)
    pry (0.9.3)
      coderay (>= 0.9.8)
      method_source (>= 0.6.0)
      ruby_parser (>= 2.0.5)
      slop (~> 1.9.0)
    rack (1.3.2)
    robots (0.10.1)
    ruby_parser (2.2.0)
      sexp_processor (~> 3.0)
    sexp_processor (3.0.6)
    sinatra (1.2.6)
      rack (~> 1.1)
      tilt (>= 1.2.2, < 2.0)
    sinatra-advanced-routes (0.5.1)
      monkey-lib (~> 0.5.0)
      sinatra (~> 1.0)
      sinatra-sugar (~> 0.5.0)
    sinatra-reloader (0.5.0)
      sinatra (~> 1.0)
      sinatra-advanced-routes (~> 0.5.0)
    sinatra-sugar (0.5.1)
      monkey-lib (~> 0.5.0)
      sinatra (~> 1.0)
    slop (1.9.1)
    spoon (0.0.1)
    thin (1.2.11)
      daemons (>= 1.0.9)
      eventmachine (>= 0.12.6)
      rack (>= 1.0.0)
    tilt (1.3.3)
    tzinfo (0.3.29)
    wirble (0.1.3)

PLATFORMS
  ruby

DEPENDENCIES
  anemone
  awesome_print
  bson_ext (~> 1.3)
  interactive_editor
  mongo
  mongoid
  pry
  sinatra
  sinatra-reloader
  thin
  wirble
