GEM
  remote: http://rubygems.org/
  specs:
    activemodel (3.1.0)
      activesupport (= 3.1.0)
      bcrypt-ruby (~> 3.0.0)
      builder (~> 3.0.0)
      i18n (~> 0.6)
    activesupport (3.1.0)
      multi_json (~> 1.0)
    addressable (2.2.6)
    anemone (0.6.1)
      nokogiri (>= 1.3.0)
      robots (>= 0.7.2)
    awesome_print (0.4.0)
    backports (2.3.0)
    bcrypt-ruby (3.0.0)
    bson (1.3.1)
    bson_ext (1.3.1)
    builder (3.0.0)
    coderay (0.9.8)
    daemons (1.1.4)
    eventmachine (0.12.10)
    haml (3.1.2)
    heroku (2.7.0)
      launchy (>= 0.3.2)
      rest-client (~> 1.6.1)
      rubyzip
      term-ansicolor (~> 1.0.5)
    httparty (0.8.0)
      multi_json
      multi_xml
    i18n (0.6.0)
    interactive_editor (0.0.8)
      spoon (>= 0.0.1)
    launchy (2.0.5)
      addressable (~> 2.2.6)
    method_source (0.6.0)
      ruby_parser (>= 2.0.5)
    mime-types (1.16)
    mongo (1.3.1)
      bson (>= 1.3.1)
    mongoid (2.2.0)
      activemodel (~> 3.0)
      mongo (~> 1.3)
      tzinfo (~> 0.3.22)
    monkey-lib (0.5.4)
      backports
    multi_json (1.0.3)
    multi_xml (0.4.0)
    nokogiri (1.5.0)
    pry (0.9.3)
      coderay (>= 0.9.8)
      method_source (>= 0.6.0)
      ruby_parser (>= 2.0.5)
      slop (~> 1.9.0)
    rack (1.3.2)
    rbing (1.1.0)
      httparty (>= 0.4.0)
    rest-client (1.6.7)
      mime-types (>= 1.16)
    robots (0.10.1)
    ruby_parser (2.2.0)
      sexp_processor (~> 3.0)
    rubyzip (0.9.4)
    sexp_processor (3.0.6)
    sinatra (1.2.6)
      rack (~> 1.1)
      tilt (>= 1.2.2, < 2.0)
    sinatra-advanced-routes (0.5.1)
      monkey-lib (~> 0.5.0)
      sinatra (~> 1.0)
      sinatra-sugar (~> 0.5.0)
    sinatra-reloader (0.5.0)
      sinatra (~> 1.0)
      sinatra-advanced-routes (~> 0.5.0)
    sinatra-sugar (0.5.1)
      monkey-lib (~> 0.5.0)
      sinatra (~> 1.0)
    slop (1.9.1)
    spoon (0.0.1)
    term-ansicolor (1.0.6)
    thin (1.2.11)
      daemons (>= 1.0.9)
      eventmachine (>= 0.12.6)
      rack (>= 1.0.0)
    tilt (1.3.3)
    tzinfo (0.3.29)
    wirble (0.1.3)

PLATFORMS
  ruby

DEPENDENCIES
  anemone
  awesome_print
  bson_ext (~> 1.3)
  haml
  heroku
  interactive_editor
  mongo
  mongoid (>= 2.2.0)
  pry
  rbing
  sinatra
  sinatra-reloader
  thin
  wirble
